GEM
  specs:
    stringex (1.4.0)
    thor (0.19.1)

PLATFORMS
  ruby

DEPENDENCIES
  stringex
  thor
